GEM
  remote: https://www.rubygems.org/
  specs:
    diff-lcs (1.2.4)
    mime-types (1.23)
    nokogiri (1.5.9)
    rest-client (1.6.7)
      mime-types (>= 1.16)
    rspec (2.13.0)
      rspec-core (~> 2.13.0)
      rspec-expectations (~> 2.13.0)
      rspec-mocks (~> 2.13.0)
    rspec-core (2.13.1)
    rspec-expectations (2.13.0)
      diff-lcs (>= 1.1.3, < 2.0)
    rspec-mocks (2.13.1)

PLATFORMS
  ruby

DEPENDENCIES
  nokogiri (~> 1.5.6)
  rest-client (>= 1.6.7)
  rspec
